GEM
  remote: https://rubygems.org/
  specs:
    activesupport (7.0.4)
      concurrent-ruby (~> 1.0, >= 1.0.2)
      i18n (>= 1.6, < 2)
      minitest (>= 5.1)
      tzinfo (~> 2.0)
    addressable (2.8.1)
      public_suffix (>= 2.0.2, < 6.0)
    amazing_print (1.4.0)
    base32-url (0.5)
    benchmark_methods (0.7)
    bibtex-ruby (6.0.0)
      latex-decode (~> 0.0)
    briard (2.9.4)
      activesupport (>= 4.2.5, < 8.0)
      base32-url (>= 0.5.0, < 1)
      benchmark_methods (~> 0.7)
      bibtex-ruby (~> 6.0)
      builder (~> 3.2, >= 3.2.2)
      citeproc-ruby (~> 2.0)
      colorize (~> 0.8.1)
      concurrent-ruby (~> 1.1, >= 1.1.5)
      csl-styles (~> 2.0)
      dotenv (~> 2.1, >= 2.1.1)
      edtf (~> 3.0, >= 3.0.4)
      faraday (~> 2.6.0)
      faraday-multipart (~> 1.0.4)
      gender_detector (~> 0.1.2)
      iso8601 (~> 0.9.1)
      json-ld-preloaded (~> 3.1, >= 3.1.3)
      json_schemer (~> 0.2.23)
      jsonlint (~> 0.3.0)
      loofah (~> 2.19)
      maremma (>= 4.9.7, < 5)
      namae (~> 1.0)
      nokogiri (~> 1.13.1)
      oj (~> 3.10)
      oj_mimic_json (~> 1.0, >= 1.0.1)
      postrank-uri (~> 1.0, >= 1.0.18)
      public_suffix (= 2.0.5)
      rdf-rdfxml (~> 3.1)
      rdf-turtle (~> 3.1)
      thor (~> 1.1, >= 1.1.0)
    builder (3.2.4)
    citeproc (1.0.10)
      namae (~> 1.0)
    citeproc-ruby (2.0.0)
      citeproc (~> 1.0, >= 1.0.9)
      csl (~> 2.0)
    colorize (0.8.1)
    concurrent-ruby (1.1.10)
    crass (1.0.6)
    csl (2.0.0)
      namae (~> 1.0)
      rexml
    csl-styles (2.0.1)
      csl (~> 2.0)
    dotenv (2.8.1)
    ebnf (2.3.1)
      amazing_print (~> 1.4)
      htmlentities (~> 4.3)
      rdf (~> 3.2)
      scanf (~> 1.0)
      sxp (~> 1.2)
      unicode-types (~> 1.7)
    ecma-re-validator (0.4.0)
      regexp_parser (~> 2.2)
    edtf (3.1.0)
      activesupport (>= 3.0, < 8.0)
    excon (0.71.1)
    faraday (2.6.0)
      faraday-net_http (>= 2.0, < 3.1)
      ruby2_keywords (>= 0.0.4)
    faraday-encoding (0.0.5)
      faraday
    faraday-excon (2.1.0)
      excon (>= 0.27.4)
      faraday (~> 2.0)
    faraday-follow_redirects (0.3.0)
      faraday (>= 1, < 3)
    faraday-gzip (0.1.0)
      faraday (>= 1.0)
      zlib (~> 2.1)
    faraday-multipart (1.0.4)
      multipart-post (~> 2)
    faraday-net_http (3.0.2)
    gender_detector (0.1.2)
      unicode_utils (>= 1.3.0)
    haml (5.2.2)
      temple (>= 0.8.0)
      tilt
    hana (1.3.7)
    htmlentities (4.3.4)
    i18n (1.12.0)
      concurrent-ruby (~> 1.0)
    iso8601 (0.9.1)
    json-canonicalization (0.3.1)
    json-ld (3.2.3)
      htmlentities (~> 4.3)
      json-canonicalization (~> 0.3)
      link_header (~> 0.0, >= 0.0.8)
      multi_json (~> 1.15)
      rack (~> 2.2)
      rdf (~> 3.2, >= 3.2.9)
    json-ld-preloaded (3.2.2)
      json-ld (~> 3.2)
      rdf (~> 3.2)
    json_schemer (0.2.24)
      ecma-re-validator (~> 0.3)
      hana (~> 1.3)
      regexp_parser (~> 2.0)
      uri_template (~> 0.7)
    jsonlint (0.3.0)
      oj (~> 3)
      optimist (~> 3)
    latex-decode (0.4.0)
    link_header (0.0.8)
    loofah (2.19.1)
      crass (~> 1.0.2)
      nokogiri (>= 1.5.9)
    maremma (4.9.9)
      activesupport (>= 4.2.5)
      addressable (>= 2.3.6)
      builder (~> 3.2, >= 3.2.2)
      excon (~> 0.71.0)
      faraday (>= 2.0)
      faraday-encoding (~> 0.0.5)
      faraday-excon (~> 2.1.0)
      faraday-follow_redirects (~> 0.3.0)
      faraday-gzip (~> 0.1.0)
      faraday-multipart (~> 1.0.4)
      nokogiri (>= 1.13.1, < 1.14.0)
      oj (>= 2.8.3)
      oj_mimic_json (~> 1.0, >= 1.0.1)
    matrix (0.4.2)
    minitest (5.17.0)
    multi_json (1.15.0)
    multipart-post (2.2.3)
    namae (1.1.1)
    nokogiri (1.13.10-arm64-darwin)
      racc (~> 1.4)
    nokogiri (1.13.10-x86_64-darwin)
      racc (~> 1.4)
    oj (3.13.23)
    oj_mimic_json (1.0.1)
    optimist (3.0.1)
    postrank-uri (1.0.24)
      addressable (>= 2.4.0)
      nokogiri (>= 1.8.0)
      public_suffix (>= 2.0.0, < 2.1)
    public_suffix (2.0.5)
    racc (1.6.2)
    rack (2.2.5)
    rdf (3.2.9)
      link_header (~> 0.0, >= 0.0.8)
    rdf-aggregate-repo (3.2.1)
      rdf (~> 3.2)
    rdf-rdfa (3.2.0)
      haml (~> 5.2)
      htmlentities (~> 4.3)
      rdf (~> 3.2)
      rdf-aggregate-repo (~> 3.2)
      rdf-vocab (~> 3.2)
      rdf-xsd (~> 3.2)
    rdf-rdfxml (3.2.0)
      htmlentities (~> 4.3)
      rdf (~> 3.2)
      rdf-rdfa (~> 3.2)
      rdf-xsd (~> 3.2)
    rdf-turtle (3.2.1)
      ebnf (~> 2.3)
      rdf (~> 3.2)
    rdf-vocab (3.2.3)
      rdf (~> 3.2, >= 3.2.4)
    rdf-xsd (3.2.1)
      rdf (~> 3.2)
      rexml (~> 3.2)
    regexp_parser (2.6.1)
    rexml (3.2.5)
    ruby2_keywords (0.0.5)
    scanf (1.0.0)
    sxp (1.2.3)
      matrix (~> 0.4)
      rdf (~> 3.2)
    temple (0.9.1)
    thor (1.2.1)
    tilt (2.0.11)
    tzinfo (2.0.5)
      concurrent-ruby (~> 1.0)
    unicode-types (1.8.0)
    unicode_utils (1.4.0)
    uri_template (0.7.0)
    zlib (2.1.1)

PLATFORMS
  arm64-darwin-21
  x86_64-darwin-20
  x86_64-darwin-21

DEPENDENCIES
  briard (~> 2.9.4)

BUNDLED WITH
   2.3.16
